{
    "Modality": "MR",
    "MagneticFieldStrength": 3,
    "ImagingFrequency": 123.259,
    "Manufacturer": "Siemens",
    "ManufacturersModelName": "Prisma_fit",
    "InstitutionName": "IUGM",
    "InstitutionalDepartmentName": "Department",
    "InstitutionAddress": "Chemin Queen-Mary 4565,Montreal,District,CA,H3W 1W5",
    "DeviceSerialNumber": "167006",
    "StationName": "MRC35049",
    "BodyPartExamined": "SPINE",
    "PatientPosition": "HFS",
    "ProcedureStepDescription": "dev^acdc",
    "SoftwareVersions": "syngo MR E11",
    "MRAcquisitionType": "2D",
    "SeriesDescription": "gre_field_mapping_PMUlog",
    "ProtocolName": "gre_field_mapping_PMUlog",
    "ScanningSequence": "GR",
    "SequenceVariant": "SP",
    "ScanOptions": "PFP",
    "SequenceName": "fm2d2",
    "ImageType": [
        "ORIGINAL",
        "PRIMARY",
        "M",
        "ND"
    ],
    "SeriesNumber": 2,
    "AcquisitionTime": "18:12:28.250000",
    "AcquisitionNumber": 1,
    "SliceThickness": 2.2,
    "SpacingBetweenSlices": 2.2,
    "SAR": 0.0543311,
    "EchoNumber": 1,
    "TablePosition": [
        0,
        0,
        0
    ],
    "EchoTime": 0.00214,
    "RepetitionTime": 5.46009,
    "RepetitionTimeExcitation": 0.035,
    "FlipAngle": 20,
    "PartialFourier": 0.875,
    "BaseResolution": 128,
    "ShimSetting": [
        654,
        -7305,
        -9839,
        1788,
        -45,
        144,
        -108,
        -118
    ],
    "TxRefAmp": 255.03,
    "PhaseResolution": 1,
    "ReceiveCoilName": "HeadNeck_64",
    "ReceiveCoilActiveElements": "HC5-7;NC1,2",
    "PulseSequenceDetails": "%CustomerSeq%\\gre_field_mapping_PMUlog",
    "CoilCombinationMethod": "Adaptive Combine",
    "ConsistencyInfo": "N4_VE11C_LATEST_20160120",
    "MatrixCoilMode": "SENSE",
    "MultibandAccelerationFactor": 2,
    "PercentPhaseFOV": 68.75,
    "PercentSampling": 100,
    "PhaseEncodingSteps": 77,
    "AcquisitionMatrixPE": 88,
    "ReconMatrixPE": 88,
    "PixelBandwidth": 700,
    "DwellTime": 5.6e-06,
    "PhaseEncodingDirection": "i",
    "SliceTiming": [
        0,
        0.01562,
        0,
        0.03125,
        0.01562
    ],
    "ImageOrientationPatientDICOM": [
        0,
        1,
        0,
        0,
        0,
        -1
    ],
    "ImageOrientationText": "Sag",
    "InPlanePhaseEncodingDirectionDICOM": "ROW",
    "ConversionSoftware": "dcm2niix",
    "ConversionSoftwareVersion": "v1.0.20211006",
    "Dcm2bidsVersion": "2.1.4"
}
