{
    "Modality": "MR",
    "MagneticFieldStrength": 3,
    "ImagingFrequency": 123.259,
    "Manufacturer": "Siemens",
    "ManufacturersModelName": "Prisma_fit",
    "InstitutionName": "IUGM",
    "InstitutionalDepartmentName": "Department",
    "InstitutionAddress": "Chemin Queen-Mary 4565,Montreal,District,CA,H3W 1W5",
    "DeviceSerialNumber": "167006",
    "StationName": "MRC35049",
    "BodyPartExamined": "SPINE",
    "PatientPosition": "HFS",
    "ProcedureStepDescription": "dev^acdc",
    "SoftwareVersions": "syngo MR E11",
    "MRAcquisitionType": "2D",
    "SeriesDescription": "gre_dyn_realtime_shimming_NOSHIM_highRes_run1",
    "ProtocolName": "gre_dyn_realtime_shimming_NOSHIM_highRes_run1",
    "ScanningSequence": "GR",
    "SequenceVariant": "SP",
    "SequenceName": "fl2d3",
    "ImageType": [
        "ORIGINAL",
        "PRIMARY",
        "M",
        "ND"
    ],
    "SeriesNumber": 6,
    "AcquisitionTime": "18:24:33.095000",
    "AcquisitionNumber": 1,
    "SliceThickness": 3,
    "SpacingBetweenSlices": 3,
    "SAR": 0.0135677,
    "EchoNumber": 2,
    "TablePosition": [
        0,
        0,
        0
    ],
    "EchoTime": 0.0123,
    "RepetitionTime": 0.3,
    "FlipAngle": 25,
    "PartialFourier": 1,
    "BaseResolution": 256,
    "ShimSetting": [
        620,
        -7194,
        -9127,
        76,
        28,
        -20,
        -9,
        -22
    ],
    "TxRefAmp": 255.03,
    "PhaseResolution": 1,
    "ReceiveCoilName": "HeadNeck_64",
    "ReceiveCoilActiveElements": "HC7;NC1,2",
    "PulseSequenceDetails": "%CustomerSeq%\\gre_dyn_realtime_shimming",
    "RefLinesPE": 24,
    "CoilCombinationMethod": "Adaptive Combine",
    "ConsistencyInfo": "N4_VE11C_LATEST_20160120",
    "MatrixCoilMode": "GRAPPA",
    "PercentPhaseFOV": 100,
    "PercentSampling": 100,
    "EchoTrainLength": 3,
    "PhaseEncodingSteps": 256,
    "AcquisitionMatrixPE": 256,
    "ReconMatrixPE": 256,
    "ParallelReductionFactorInPlane": 2,
    "PixelBandwidth": 265,
    "DwellTime": 7.4e-06,
    "PhaseEncodingDirection": "j-",
    "SliceTiming": [
        0.15625,
        0,
        0.1875,
        0.03125,
        0.20312,
        0.0625,
        0.23438,
        0.07812,
        0.25,
        0.10938,
        0.28125,
        0.125
    ],
    "ImageOrientationPatientDICOM": [
        1,
        0,
        0,
        0,
        0.930418,
        0.366501
    ],
    "ImageOrientationText": "Tra>Cor(21.5)",
    "InPlanePhaseEncodingDirectionDICOM": "COL",
    "ConversionSoftware": "dcm2niix",
    "ConversionSoftwareVersion": "v1.0.20211006",
    "Dcm2bidsVersion": "2.1.4"
}
